PATH
  remote: .
  specs:
    bitly-oauth (0.2.0)
      httparty
      oauth2

GEM
  remote: http://rubygems.org/
  specs:
    addressable (2.2.6)
    fakeweb (1.3.0)
    faraday (0.7.6)
      addressable (~> 2.2)
      multipart-post (~> 1.1)
      rack (~> 1.1)
    httparty (0.8.1)
      multi_json
      multi_xml
    metaclass (0.0.1)
    mocha (0.10.3)
      metaclass (~> 0.0.1)
    multi_json (1.0.4)
    multi_xml (0.4.1)
    multipart-post (1.1.4)
    oauth2 (0.5.2)
      faraday (~> 0.7)
      multi_json (~> 1.0)
    rack (1.4.0)
    rake (0.9.2.2)
    shoulda (2.11.3)

PLATFORMS
  ruby

DEPENDENCIES
  bitly-oauth!
  fakeweb
  mocha
  rake
  shoulda
