PATH
  remote: .
  specs:
    bitly-oauth (0.2.2)
      httparty
      oauth2

GEM
  remote: http://rubygems.org/
  specs:
    fakeweb (1.3.0)
    faraday (0.8.4)
      multipart-post (~> 1.1)
    httparty (0.8.3)
      multi_json (~> 1.0)
      multi_xml
    httpauth (0.1)
    jwt (0.1.5)
      multi_json (>= 1.0)
    metaclass (0.0.1)
    mocha (0.10.3)
      metaclass (~> 0.0.1)
    multi_json (1.3.6)
    multi_xml (0.5.1)
    multipart-post (1.1.5)
    oauth2 (0.8.0)
      faraday (~> 0.8)
      httpauth (~> 0.1)
      jwt (~> 0.1.4)
      multi_json (~> 1.0)
      rack (~> 1.2)
    rack (1.4.1)
    rake (0.9.2.2)
    shoulda (2.11.3)

PLATFORMS
  ruby

DEPENDENCIES
  bitly-oauth!
  fakeweb
  mocha
  rake
  shoulda
